GEM
  remote: http://rubygems.org/
  specs:
    actionmailer (2.3.14)
      actionpack (= 2.3.14)
    actionpack (2.3.14)
      activesupport (= 2.3.14)
      rack (~> 1.1.0)
    activerecord (2.3.14)
      activesupport (= 2.3.14)
    activeresource (2.3.14)
      activesupport (= 2.3.14)
    activesupport (2.3.14)
    cgi_multipart_eof_fix (2.5.0)
    coderay (0.9.8)
    daemons (1.1.5)
    declarative_authorization (0.5.5)
    fastercsv (1.5.4)
    fastthread (1.0.7)
    gem_plugin (0.2.3)
    method_source (0.6.7)
      ruby_parser (>= 2.3.1)
    mongrel (1.1.5)
      cgi_multipart_eof_fix (>= 2.4)
      daemons (>= 1.0.3)
      fastthread (>= 1.0.1)
      gem_plugin (>= 0.2.3)
    mysql2 (0.2.18)
    pry (0.9.7.4)
      coderay (~> 0.9.8)
      method_source (~> 0.6.7)
      ruby_parser (>= 2.3.1)
      slop (~> 2.1.0)
    rack (1.1.3)
    rails (2.3.14)
      actionmailer (= 2.3.14)
      actionpack (= 2.3.14)
      activerecord (= 2.3.14)
      activeresource (= 2.3.14)
      activesupport (= 2.3.14)
      rake (>= 0.8.3)
    rake (0.8.7)
    ruby_parser (2.3.1)
      sexp_processor (~> 3.0)
    searchlogic (2.4.27)
      activerecord (>= 2.0.0)
    sexp_processor (3.0.10)
    slop (2.1.0)
    sqlite3 (1.3.5)
    sqlite3-ruby (1.3.3)
      sqlite3 (>= 1.3.3)
    wicked_pdf (0.7.2)

PLATFORMS
  ruby

DEPENDENCIES
  declarative_authorization
  fastercsv
  mongrel
  mysql2 (< 0.3)
  pry
  rails (= 2.3.14)
  rake (= 0.8.7)
  searchlogic (= 2.4.27)
  sqlite3-ruby
  wicked_pdf
